GEM
  remote: https://rubygems.org/
  specs:
    attr_protected (1.0)
    diff-lcs (1.2.5)
    rake (10.1.1)
    rspec (2.14.1)
      rspec-core (~> 2.14.0)
      rspec-expectations (~> 2.14.0)
      rspec-mocks (~> 2.14.0)
    rspec-core (2.14.7)
    rspec-expectations (2.14.5)
      diff-lcs (>= 1.1.3, < 2.0)
    rspec-mocks (2.14.5)
    sequel (4.7.0)

PLATFORMS
  ruby

DEPENDENCIES
  attr_protected
  rake
  rspec
  sequel
